PATH
  remote: .
  specs:
    anker (0.1.0)

GEM
  remote: https://rubygems.org/
  specs:
    minitest (5.18.0)
    rake (13.0.6)

PLATFORMS
  x64-mingw32

DEPENDENCIES
  anker!
  minitest (~> 5.0)
  rake (~> 13.0)

BUNDLED WITH
   2.4.5
